{"InPlanePhaseEncodingDirectionDICOM": "COL", "B0FieldSource": "B0map0", "ConsistencyInfo": "N4_VE11C_LATEST_20160120", "ImageComments": "Unaliased MB4/PE3/LB SENSE1", "ProcedureStepDescription": "Projets^DeepMReye", "DeviceSerialNumber": "66072", "AcquisitionMatrixPE": 100, "ImageOrientationPatientDICOM": [0.995787, 0.0417329, 0.081651, -0.0330337, 0.993909, -0.105132], "EffectiveEchoSpacing": 0.000569995, "CoilCombinationMethod": "Sum of Squares", "WipMemBlock": "fede5401-677a-441c-bd77-a4f12f084a01||Sequence: R017 ve11c/master r/75a17815+; Jun 28 2022 16:32:11 by eja", "ManufacturersModelName": "Prisma", "ProtocolName": "task-DeepMReyeCalib_run2_bold", "PhaseEncodingDirection": "j-", "BandwidthPerPixelPhaseEncode": 17.544, "TotalReadoutTime": 0.0564295, "RepetitionTime": 1.2, "MultibandAccelerationFactor": 4, "SeriesNumber": 18, "PhaseEncodingSteps": 100, "MRAcquisitionType": "2D", "SliceThickness": 2, "AcquisitionNumber": 1, "DwellTime": 2.2e-06, "TxRefAmp": 284.349, "BodyPartExamined": "HEAD", "ReceiveCoilActiveElements": "HC1-6", "DerivedVendorReportedEchoSpacing": 0.000569995, "SAR": 0.084713, "PulseSequenceDetails": "%CustomerSeq%\\cmrr_mbep2d_bold", "ScanningSequence": "EP", "Manufacturer": "Siemens", "MatrixCoilMode": "SENSE", "PercentPhaseFOV": 100, "ReconMatrixPE": 100, "FlipAngle": 56, "SeriesDescription": "task-DeepMReyeCalib_run2_bold", "PartialFourier": 1, "ConversionSoftwareVersion": "v1.0.20211006", "ShimSetting": [-550, -10775, -707, 144, 113, -110, -127, 0], "AcquisitionTime": "12:03:20.625000", "SequenceName": "epfid2d1_100", "ConversionSoftware": "dcm2niix", "MagneticFieldStrength": 3, "TaskName": "DeepMReyeCalib", "PercentSampling": 100, "SpacingBetweenSlices": 2, "ImageType": ["ORIGINAL", "PRIMARY", "M", "MB", "ND", "MOSAIC"], "ReceiveCoilName": "HeadNeck_64", "EchoTime": 0.0346, "SequenceVariant": "SK\\SS", "SliceTiming": [1.12, 1.04, 0.96, 0.88, 0.8, 0.72, 0.64, 0.56, 0.48, 0.4, 0.32, 0.24, 0.16, 0.08, 0, 1.12, 1.04, 0.96, 0.88, 0.8, 0.72, 0.64, 0.56, 0.48, 0.4, 0.32, 0.24, 0.16, 0.08, 0, 1.12, 1.04, 0.96, 0.88, 0.8, 0.72, 0.64, 0.56, 0.48, 0.4, 0.32, 0.24, 0.16, 0.08, 0, 1.12, 1.04, 0.96, 0.88, 0.8, 0.72, 0.64, 0.56, 0.48, 0.4, 0.32, 0.24, 0.16, 0.08, 0], "ImagingFrequency": 123.238, "EchoTrainLength": 100, "BaseResolution": 100, "ImageOrientationText": "Tra>Cor(-5.9)>Sag(4.9)", "PixelBandwidth": 2275, "ScanOptions": "FS\\EXT", "PhaseResolution": 1, "SoftwareVersions": "syngo MR E11", "StationName": "AWP66072", "Modality": "MR", "InstitutionalDepartmentName": "Department", "PatientPosition": "HFS"}