{
	"Modality": "MR",
	"MagneticFieldStrength": 3,
	"ImagingFrequency": 123.238,
	"Manufacturer": "Siemens",
	"ManufacturersModelName": "Prisma",
	"InstitutionalDepartmentName": "Department",
	"DeviceSerialNumber": "66072",
	"StationName": "AWP66072",
	"BodyPartExamined": "HEAD",
	"PatientPosition": "HFS",
	"ProcedureStepDescription": "Projets^DeepMReye",
	"SoftwareVersions": "syngo MR E11",
	"MRAcquisitionType": "2D",
	"SeriesDescription": "Fieldmap_topup_PA",
	"ProtocolName": "Fieldmap_topup_PA",
	"ScanningSequence": "EP",
	"SequenceVariant": "SK",
	"ScanOptions": "FS",
	"SequenceName": "epse2d1_100",
	"ImageType": ["ORIGINAL", "PRIMARY", "M", "ND", "NORM", "MOSAIC"],
	"SeriesNumber": 10,
	"AcquisitionTime": "11:05:3.115000",
	"AcquisitionNumber": 1,
	"ImageComments": "SENSE1",
	"SliceThickness": 2,
	"SpacingBetweenSlices": 2,
	"SAR": 0.17063,
	"EchoTime": 0.059,
	"RepetitionTime": 7.06,
	"FlipAngle": 90,
	"PartialFourier": 1,
	"BaseResolution": 100,
	"ShimSetting": [
		-563,
		-10774,
		-695,
		395,
		82,
		2,
		-20,
		-1	],
	"TxRefAmp": 255.861,
	"PhaseResolution": 1,
	"ReceiveCoilName": "HeadNeck_64",
	"ReceiveCoilActiveElements": "HC1-6",
	"PulseSequenceDetails": "%CustomerSeq%\\cmrr_mbep2d_se",
	"WipMemBlock": "d6e61367-5a70-47a6-bcc8-a160e6ace977||Sequence: R017 ve11c/master r/75a17815+; Jun 28 2022 16:51:39 by eja",
	"CoilCombinationMethod": "Sum of Squares",
	"ConsistencyInfo": "N4_VE11C_LATEST_20160120",
	"MatrixCoilMode": "SENSE",
	"PercentPhaseFOV": 100,
	"PercentSampling": 100,
	"EchoTrainLength": 100,
	"PhaseEncodingSteps": 100,
	"AcquisitionMatrixPE": 100,
	"ReconMatrixPE": 100,
	"BandwidthPerPixelPhaseEncode": 18.868,
	"EffectiveEchoSpacing": 0.000529998,
	"DerivedVendorReportedEchoSpacing": 0.000529998,
	"TotalReadoutTime": 0.0524698,
	"PixelBandwidth": 2275,
	"DwellTime": 2.2e-06,
	"PhaseEncodingDirection": "j",
	"SliceTiming": [
		3.52,
		0,
		3.6375,
		0.1175,
		3.755,
		0.235,
		3.8725,
		0.3525,
		3.99,
		0.47,
		4.1075,
		0.5875,
		4.225,
		0.705,
		4.3425,
		0.8225,
		4.46,
		0.94,
		4.575,
		1.0575,
		4.6925,
		1.1725,
		4.81,
		1.29,
		4.9275,
		1.4075,
		5.045,
		1.525,
		5.1625,
		1.6425,
		5.28,
		1.76,
		5.3975,
		1.8775,
		5.515,
		1.995,
		5.6325,
		2.1125,
		5.75,
		2.23,
		5.8675,
		2.3475,
		5.985,
		2.465,
		6.1025,
		2.5825,
		6.22,
		2.7,
		6.335,
		2.8175,
		6.4525,
		2.9325,
		6.57,
		3.05,
		6.6875,
		3.1675,
		6.805,
		3.285,
		6.9225,
		3.4025	],
	"ImageOrientationPatientDICOM": [
		0.999656,
		-0.00207152,
		0.0261254,
		0.00471085,
		0.994837,
		-0.101373	],
	"ImageOrientationText": "Tra>Cor(-5.8)>Sag(1.5)",
	"InPlanePhaseEncodingDirectionDICOM": "COL",
	"ConversionSoftware": "dcm2niix",
	"ConversionSoftwareVersion": "v1.0.20211006", 
	"IntendedFor": [
		"ses-02/func/sub-07_ses-02_task-DeepMReyeCalib_run-01_bold.nii.gz",
		"ses-02/func/sub-07_ses-02_task-DeepMReyeCalib_run-02_bold.nii.gz",
		"ses-02/func/sub-07_ses-02_task-DeepMReyeCalib_run-03_bold.nii.gz",
		"ses-02/func/sub-07_ses-02_task-DeepMReyeClosed_run-01_bold.nii.gz",
		"ses-02/func/sub-07_ses-02_task-DeepMReyeClosed_run-02_bold.nii.gz",
		"ses-02/func/sub-07_ses-02_task-DeepMReyeClosed_run-03_bold.nii.gz"
	]
}
