{"InPlanePhaseEncodingDirectionDICOM": "COL", "ImageComments": "Not for diagnostic use, SENSE1", "ProcedureStepDescription": "Projets DeepMReye", "DeviceSerialNumber": "66072", "AcquisitionMatrixPE": 100, "ImageOrientationPatientDICOM": [0.999804, -0.0191498, 0.00502639, 0.0195464, 0.995116, -0.0967547], "EffectiveEchoSpacing": 0.000529998, "TotalReadoutTime": 0.0524698, "ManufacturersModelName": "MAGNETOM Prisma", "MTState": false, "ProtocolName": "Fieldmap_topup_AP", "BandwidthPerPixelPhaseEncode": 18.868, "RepetitionTime": 7.06, "EchoTrainLength": 100, "SeriesNumber": 8, "B0FieldIdentifier": "B0map0", "MRAcquisitionType": "2D", "CoilString": "HeadNeck_64", "SliceThickness": 2, "AcquisitionNumber": 1, "BodyPartExamined": "HEAD", "IntendedFor": ["ses-02/func/sub-15_ses-02_task-DeepMReyeClosed_run-03_bold.nii.gz", "ses-02/func/sub-15_ses-02_task-DeepMReyeClosed_run-02_bold.nii.gz", "ses-02/func/sub-15_ses-02_task-DeepMReyeClosed_run-01_bold.nii.gz", "ses-02/func/sub-15_ses-02_task-DeepMReyeCalib_run-03_bold.nii.gz", "ses-02/func/sub-15_ses-02_task-DeepMReyeCalib_run-02_bold.nii.gz", "ses-02/func/sub-15_ses-02_task-DeepMReyeCalib_run-01_bold.nii.gz"], "ReceiveCoilActiveElements": "HC1-6", "DerivedVendorReportedEchoSpacing": 0.000529998, "PixelBandwidth": 2273, "Manufacturer": "Siemens", "ConversionSoftware": "dcm2niix", "PercentPhaseFOV": 100, "ReconMatrixPE": 100, "FlipAngle": 90, "SeriesDescription": "Fieldmap_topup_AP", "ConversionSoftwareVersion": "v1.0.20211006", "AcquisitionTime": "09:51:38.020000", "MagneticFieldStrength": 3, "PercentSampling": 100, "SpacingBetweenSlices": 2, "ImageType": ["ORIGINAL", "PRIMARY", "FMRI", "NONE"], "EchoTime": 0.059, "SequenceVariant": "SK", "SliceTiming": [3.52, 0, 3.6375, 0.1175, 3.755, 0.235, 3.8725, 0.3525, 3.99, 0.47, 4.105, 0.5875, 4.2225, 0.7025, 4.34, 0.82, 4.4575, 0.9375, 4.575, 1.055, 4.6925, 1.1725, 4.81, 1.29, 4.9275, 1.4075, 5.045, 1.525, 5.1625, 1.6425, 5.28, 1.76, 5.3975, 1.8775, 5.515, 1.995, 5.6325, 2.1125, 5.75, 2.23, 5.865, 2.3475, 5.9825, 2.4625, 6.1, 2.58, 6.2175, 2.6975, 6.335, 2.815, 6.4525, 2.9325, 6.57, 3.05, 6.6875, 3.1675, 6.805, 3.285, 6.9225, 3.4025], "ImagingFrequency": 123.238, "PhaseEncodingDirection": "j-", "SoftwareVersions": "syngo MR XA60", "StationName": "AWP66072", "Modality": "MR", "PatientPosition": "HFS","IntendedFor": ["ses-02/func/sub-15_ses-02_task-DeepMReyeCalib_run-01_bold.nii.gz","ses-02/func/sub-15_ses-02_task-DeepMReyeCalib_run-02_bold.nii.gz","ses-02/func/sub-15_ses-02_task-DeepMReyeCalib_run-03_bold.nii.gz","ses-02/func/sub-15_ses-02_task-DeepMReyeClosed_run-01_bold.nii.gz","ses-02/func/sub-15_ses-02_task-DeepMReyeClosed_run-02_bold.nii.gz","ses-02/func/sub-15_ses-02_task-DeepMReyeClosed_run-03_bold.nii.gz"]}