{"InPlanePhaseEncodingDirectionDICOM": "COL", "B0FieldSource": "B0map0", "ConsistencyInfo": "N4_VE11C_LATEST_20160120", "ImageComments": "Single-band reference SENSE1", "ProcedureStepDescription": "Projets^DeepMReye", "DeviceSerialNumber": "66072", "AcquisitionMatrixPE": 100, "ImageOrientationPatientDICOM": [0.997176, 0.0071941, 0.0747602, 0.000870193, 0.994228, -0.107281], "EffectiveEchoSpacing": 0.000569995, "CoilCombinationMethod": "Sum of Squares", "WipMemBlock": "926ef50b-c87b-4e2d-9a54-ce401d2a2e3c||Sequence: R017 ve11c/master r/75a17815+; Jun 28 2022 16:32:11 by eja", "ManufacturersModelName": "Prisma", "ProtocolName": "task-DeepMReyeClosed_run1_bold", "PhaseEncodingDirection": "j-", "BandwidthPerPixelPhaseEncode": 17.544, "TotalReadoutTime": 0.0564295, "RepetitionTime": 1.2, "EchoTrainLength": 100, "SeriesNumber": 27, "PhaseEncodingSteps": 100, "MRAcquisitionType": "2D", "SliceThickness": 2, "AcquisitionNumber": 1, "DwellTime": 2.2e-06, "TxRefAmp": 284.735, "BodyPartExamined": "HEAD", "ReceiveCoilActiveElements": "HC1-6", "DerivedVendorReportedEchoSpacing": 0.000569995, "SAR": 0.100218, "PulseSequenceDetails": "%CustomerSeq%\\cmrr_mbep2d_bold", "ScanningSequence": "EP", "Manufacturer": "Siemens", "MatrixCoilMode": "SENSE", "PercentPhaseFOV": 100, "ReconMatrixPE": 100, "FlipAngle": 56, "SeriesDescription": "task-DeepMReyeClosed_run1_bold_SBRef", "PartialFourier": 1, "ConversionSoftwareVersion": "v1.0.20211006", "ShimSetting": [-541, -10793, -664, 302, 105, -231, -93, 32], "AcquisitionTime": "10:10:16.912500", "SequenceName": "epfid2d1_100", "ConversionSoftware": "dcm2niix", "MagneticFieldStrength": 3, "TaskName": "DeepMReyeClosed", "PercentSampling": 100, "SpacingBetweenSlices": 2, "ImageType": ["ORIGINAL", "PRIMARY", "M", "ND", "MOSAIC"], "ReceiveCoilName": "HeadNeck_64", "EchoTime": 0.0346, "SequenceVariant": "SK\\SS", "SliceTiming": [4.72, 4.64, 4.56, 4.48, 4.4, 4.32, 4.24, 4.16, 4.08, 4, 3.92, 3.84, 3.76, 3.68, 3.6, 3.52, 3.44, 3.36, 3.28, 3.2, 3.12, 3.04, 2.96, 2.88, 2.8, 2.72, 2.64, 2.56, 2.48, 2.4, 2.32, 2.24, 2.16, 2.08, 2, 1.92, 1.84, 1.76, 1.68, 1.6, 1.52, 1.44, 1.36, 1.28, 1.2, 1.12, 1.04, 0.96, 0.88, 0.8, 0.72, 0.64, 0.56, 0.48, 0.4, 0.32, 0.24, 0.16, 0.08, 0], "ImagingFrequency": 123.238, "ImageOrientationText": "Tra>Cor(-6.2)>Sag(4.3)", "BaseResolution": 100, "PixelBandwidth": 2275, "ScanOptions": "FS\\EXT", "PhaseResolution": 1, "SoftwareVersions": "syngo MR E11", "StationName": "AWP66072", "Modality": "MR", "InstitutionalDepartmentName": "Department", "PatientPosition": "HFS"}