{
	"Modality": "MR",
	"MagneticFieldStrength": 3,
	"ImagingFrequency": 123.238,
	"Manufacturer": "Siemens",
	"ManufacturersModelName": "MAGNETOM Prisma",
	"DeviceSerialNumber": "66072",
	"StationName": "AWP66072",
	"BodyPartExamined": "HEAD",
	"PatientPosition": "HFS",
	"ProcedureStepDescription": "Projets DeepMReye",
	"SoftwareVersions": "syngo MR XA60",
	"MRAcquisitionType": "3D",
	"SeriesDescription": "T1w",
	"ProtocolName": "T1w",
	"SequenceVariant": "SK\\SP\\MP",
	"ImageType": ["ORIGINAL", "PRIMARY", "M", "NONE"],
	"SeriesNumber": 6,
	"AcquisitionTime": "10:55:31.040000",
	"AcquisitionNumber": 1,
	"SliceThickness": 1,
	"EchoTime": 0.00298,
	"RepetitionTime": 2.3,
	"MTState": false,
	"InversionTime": 0.925,
	"FlipAngle": 9,
	"ReceiveCoilActiveElements": "HC1-7;NC1,2",
	"CoilString": "HeadNeck_64",
	"PercentPhaseFOV": 100,
	"PercentSampling": 100,
	"AcquisitionMatrixPE": 256,
	"ReconMatrixPE": 256,
	"ParallelReductionFactorInPlane": 3,
	"ParallelAcquisitionTechnique": "GRAPPA",
	"PixelBandwidth": 238,
	"ImageOrientationPatientDICOM": [
		-0.0485129,
		0.975111,
		0.216346,
		0.0846501,
		0.219835,
		-0.971857	],
	"InPlanePhaseEncodingDirectionDICOM": "ROW",
	"ConversionSoftware": "dcm2niix",
	"ConversionSoftwareVersion": "v1.0.20211006"
}
