{"InPlanePhaseEncodingDirectionDICOM": "COL", "B0FieldSource": "B0map0", "ImageComments": "Not for diagnostic use, Unaliased MB4/PE3/LB SENSE1", "ProcedureStepDescription": "Projets DeepMReye", "DeviceSerialNumber": "66072", "AcquisitionMatrixPE": 100, "ImageOrientationPatientDICOM": [0.995253, 0.0271565, 0.0934608, -0.0317987, 0.998315, 0.0485445], "EffectiveEchoSpacing": 0.000569995, "TotalReadoutTime": 0.0564295, "ManufacturersModelName": "MAGNETOM Prisma", "MTState": false, "ProtocolName": "task-DeepMReyeClosed_run3_bold", "BandwidthPerPixelPhaseEncode": 17.544, "RepetitionTime": 1.2, "EchoTrainLength": 100, "SeriesNumber": 40, "MRAcquisitionType": "2D", "CoilString": "HeadNeck_64", "SliceThickness": 2, "AcquisitionNumber": 1, "BodyPartExamined": "HEAD", "ReceiveCoilActiveElements": "HC1-6", "DerivedVendorReportedEchoSpacing": 0.000569995, "PixelBandwidth": 2273, "Manufacturer": "Siemens", "ConversionSoftware": "dcm2niix", "PercentPhaseFOV": 100, "ReconMatrixPE": 100, "FlipAngle": 56, "SeriesDescription": "task-DeepMReyeClosed_run3_bold", "ConversionSoftwareVersion": "v1.0.20211006", "AcquisitionTime": "11:34:11.710000", "MagneticFieldStrength": 3, "TaskName": "DeepMReyeClosed", "PercentSampling": 100, "SpacingBetweenSlices": 2, "ImageType": ["ORIGINAL", "PRIMARY", "FMRI", "NONE"], "EchoTime": 0.0346, "SequenceVariant": "SK\\SS", "SliceTiming": [1.12, 1.04, 0.96, 0.88, 0.8, 0.72, 0.64, 0.56, 0.48, 0.4, 0.32, 0.24, 0.16, 0.08, 0, 1.12, 1.04, 0.96, 0.88, 0.8, 0.72, 0.64, 0.56, 0.48, 0.4, 0.32, 0.24, 0.16, 0.08, 0, 1.12, 1.04, 0.96, 0.88, 0.8, 0.72, 0.64, 0.56, 0.48, 0.4, 0.32, 0.24, 0.16, 0.08, 0, 1.12, 1.04, 0.96, 0.88, 0.8, 0.72, 0.64, 0.56, 0.48, 0.4, 0.32, 0.24, 0.16, 0.08, 0], "ImagingFrequency": 123.238, "PhaseEncodingDirection": "j-", "SoftwareVersions": "syngo MR XA60", "StationName": "AWP66072", "Modality": "MR", "PatientPosition": "HFS"}