{
	"Modality": "MR",
	"MagneticFieldStrength": 3,
	"ImagingFrequency": 123.238,
	"Manufacturer": "Siemens",
	"ManufacturersModelName": "Prisma",
	"InstitutionalDepartmentName": "Department",
	"DeviceSerialNumber": "66072",
	"StationName": "AWP66072",
	"BodyPartExamined": "HEAD",
	"PatientPosition": "HFS",
	"ProcedureStepDescription": "Projets^DeepMReye",
	"SoftwareVersions": "syngo MR E11",
	"MRAcquisitionType": "2D",
	"SeriesDescription": "Fieldmap_topup_AP",
	"ProtocolName": "Fieldmap_topup_AP",
	"ScanningSequence": "EP",
	"SequenceVariant": "SK",
	"ScanOptions": "FS",
	"SequenceName": "epse2d1_100",
	"ImageType": ["ORIGINAL", "PRIMARY", "M", "ND", "NORM", "MOSAIC"],
	"SeriesNumber": 8,
	"AcquisitionTime": "11:07:54.062500",
	"AcquisitionNumber": 1,
	"ImageComments": "SENSE1",
	"SliceThickness": 2,
	"SpacingBetweenSlices": 2,
	"SAR": 0.165969,
	"EchoTime": 0.059,
	"RepetitionTime": 7.06,
	"FlipAngle": 90,
	"PartialFourier": 1,
	"BaseResolution": 100,
	"ShimSetting": [
		-545,
		-10724,
		-681,
		419,
		50,
		20,
		123,
		50	],
	"TxRefAmp": 228.277,
	"PhaseResolution": 1,
	"ReceiveCoilName": "HeadNeck_64",
	"ReceiveCoilActiveElements": "HC1-6",
	"PulseSequenceDetails": "%CustomerSeq%\\cmrr_mbep2d_se",
	"WipMemBlock": "7ff1aad0-4b5a-4523-ba62-54e46860c8fb||Sequence: R017 ve11c/master r/75a17815+; Jun 28 2022 16:51:39 by eja",
	"CoilCombinationMethod": "Sum of Squares",
	"ConsistencyInfo": "N4_VE11C_LATEST_20160120",
	"MatrixCoilMode": "SENSE",
	"PercentPhaseFOV": 100,
	"PercentSampling": 100,
	"EchoTrainLength": 100,
	"PhaseEncodingSteps": 100,
	"AcquisitionMatrixPE": 100,
	"ReconMatrixPE": 100,
	"BandwidthPerPixelPhaseEncode": 18.868,
	"EffectiveEchoSpacing": 0.000529998,
	"DerivedVendorReportedEchoSpacing": 0.000529998,
	"TotalReadoutTime": 0.0524698,
	"PixelBandwidth": 2275,
	"DwellTime": 2.2e-06,
	"PhaseEncodingDirection": "j-",
	"SliceTiming": [
		3.52,
		0,
		3.635,
		0.1175,
		3.7525,
		0.2325,
		3.87,
		0.35,
		3.9875,
		0.4675,
		4.105,
		0.585,
		4.2225,
		0.7025,
		4.34,
		0.82,
		4.4575,
		0.9375,
		4.575,
		1.055,
		4.6925,
		1.1725,
		4.81,
		1.29,
		4.9275,
		1.4075,
		5.045,
		1.525,
		5.1625,
		1.6425,
		5.28,
		1.76,
		5.395,
		1.875,
		5.5125,
		1.9925,
		5.63,
		2.11,
		5.7475,
		2.2275,
		5.865,
		2.345,
		5.9825,
		2.4625,
		6.1,
		2.58,
		6.2175,
		2.6975,
		6.335,
		2.815,
		6.4525,
		2.9325,
		6.57,
		3.05,
		6.6875,
		3.1675,
		6.805,
		3.285,
		6.9225,
		3.4025	],
	"ImageOrientationPatientDICOM": [
		0.996769,
		0.000385129,
		0.0803152,
		0.00243554,
		0.999384,
		-0.035019	],
	"ImageOrientationText": "Tra>Sag(4.6)>Cor(-2.0)",
	"InPlanePhaseEncodingDirectionDICOM": "COL",
	"ConversionSoftware": "dcm2niix",
	"ConversionSoftwareVersion": "v1.0.20211006",
	"IntendedFor": [
		"ses-02/func/sub-10_ses-02_task-DeepMReyeCalib_run-01_bold.nii.gz",
		"ses-02/func/sub-10_ses-02_task-DeepMReyeCalib_run-02_bold.nii.gz",
		"ses-02/func/sub-10_ses-02_task-DeepMReyeCalib_run-03_bold.nii.gz",
		"ses-02/func/sub-10_ses-02_task-DeepMReyeClosed_run-01_bold.nii.gz",
		"ses-02/func/sub-10_ses-02_task-DeepMReyeClosed_run-02_bold.nii.gz",
		"ses-02/func/sub-10_ses-02_task-DeepMReyeClosed_run-03_bold.nii.gz"
	]
}
