{"InPlanePhaseEncodingDirectionDICOM": "COL", "ImageComments": "Not for diagnostic use, Single-band reference SENSE1", "ProcedureStepDescription": "Projets DeepMReye", "DeviceSerialNumber": "66072", "AcquisitionMatrixPE": 100, "ImageOrientationPatientDICOM": [0.999108, 0.0228499, 0.035505, -0.0219751, 0.99945, -0.0248384], "EffectiveEchoSpacing": 0.000569995, "TotalReadoutTime": 0.0564295, "ManufacturersModelName": "MAGNETOM Prisma", "MTState": false, "ProtocolName": "task-DeepMReyeCalib_run2_bold", "BandwidthPerPixelPhaseEncode": 17.544, "RepetitionTime": 1.2, "EchoTrainLength": 100, "SeriesNumber": 23, "MRAcquisitionType": "2D", "CoilString": "HeadNeck_64", "SliceThickness": 2, "AcquisitionNumber": 1, "BodyPartExamined": "BRAIN", "ReceiveCoilActiveElements": "HC1-6", "DerivedVendorReportedEchoSpacing": 0.000569995, "PixelBandwidth": 2273, "Manufacturer": "Siemens", "ConversionSoftware": "dcm2niix", "PercentPhaseFOV": 100, "ReconMatrixPE": 100, "FlipAngle": 56, "SeriesDescription": "task-DeepMReyeCalib_run2_bold_SBRef", "ConversionSoftwareVersion": "v1.0.20211006", "AcquisitionTime": "09:58:4.720000", "MagneticFieldStrength": 3, "TaskName": "DeepMReyeCalib", "PercentSampling": 100, "SpacingBetweenSlices": 2, "ImageType": ["ORIGINAL", "PRIMARY", "FMRI", "NONE"], "EchoTime": 0.0346, "SequenceVariant": "SK\\SS", "SliceTiming": [4.72, 4.64, 4.56, 4.48, 4.4, 4.32, 4.24, 4.16, 4.08, 4, 3.92, 3.84, 3.76, 3.68, 3.6, 3.52, 3.44, 3.36, 3.28, 3.2, 3.12, 3.04, 2.96, 2.88, 2.8, 2.72, 2.64, 2.56, 2.48, 2.4, 2.32, 2.24, 2.16, 2.08, 2, 1.92, 1.84, 1.76, 1.68, 1.6, 1.52, 1.44, 1.36, 1.28, 1.2, 1.12, 1.04, 0.96, 0.88, 0.8, 0.72, 0.64, 0.56, 0.48, 0.4, 0.32, 0.24, 0.16, 0.08, 0], "ImagingFrequency": 123.238, "PhaseEncodingDirection": "j-", "SoftwareVersions": "syngo MR XA60", "StationName": "AWP66072", "Modality": "MR", "PatientPosition": "HFS"}