{"InPlanePhaseEncodingDirectionDICOM": "COL", "ConsistencyInfo": "N4_VE11C_LATEST_20160120", "ImageComments": "Unaliased MB4/PE3/LB SENSE1", "ProcedureStepDescription": "Projets^DeepMReye", "DeviceSerialNumber": "66072", "AcquisitionMatrixPE": 100, "ImageOrientationPatientDICOM": [0.999759, 0.011015, 0.0189894, -0.0108188, 0.999887, -0.0104022], "EffectiveEchoSpacing": 0.000569995, "CoilCombinationMethod": "Sum of Squares", "WipMemBlock": "1c994737-126e-46f7-abee-4f89b0046731||Sequence: R017 ve11c/master r/75a17815+; Jun 28 2022 16:32:11 by eja", "ManufacturersModelName": "Prisma", "ProtocolName": "task-DeepMReyeCalib_run2_bold", "PhaseEncodingDirection": "j-", "BandwidthPerPixelPhaseEncode": 17.544, "TotalReadoutTime": 0.0564295, "RepetitionTime": 1.2, "MultibandAccelerationFactor": 4, "SeriesNumber": 18, "PhaseEncodingSteps": 100, "MRAcquisitionType": "2D", "SliceThickness": 2, "AcquisitionNumber": 1, "DwellTime": 2.2e-06, "TxRefAmp": 245.917, "BodyPartExamined": "HEAD", "ReceiveCoilActiveElements": "HC1-6", "DerivedVendorReportedEchoSpacing": 0.000569995, "SAR": 0.0788078, "PulseSequenceDetails": "%CustomerSeq%\\cmrr_mbep2d_bold", "ScanningSequence": "EP", "Manufacturer": "Siemens", "MatrixCoilMode": "SENSE", "PercentPhaseFOV": 100, "ReconMatrixPE": 100, "FlipAngle": 56, "SeriesDescription": "task-DeepMReyeCalib_run2_bold", "PartialFourier": 1, "ConversionSoftwareVersion": "v1.0.20211006", "ShimSetting": [-569, -10789, -638, 488, 86, 22, -15, 18], "AcquisitionTime": "09:49:6.175000", "SequenceName": "epfid2d1_100", "ConversionSoftware": "dcm2niix", "MagneticFieldStrength": 3, "TaskName": "DeepMReyeCalib", "PercentSampling": 100, "SpacingBetweenSlices": 2, "ImageType": ["ORIGINAL", "PRIMARY", "M", "MB", "ND", "MOSAIC"], "ReceiveCoilName": "HeadNeck_64", "EchoTime": 0.0346, "SequenceVariant": "SK\\SS", "SliceTiming": [1.12, 1.04, 0.96, 0.88, 0.8, 0.72, 0.64, 0.56, 0.48, 0.4, 0.32, 0.24, 0.16, 0.08, 0, 1.12, 1.04, 0.96, 0.88, 0.8, 0.72, 0.64, 0.56, 0.48, 0.4, 0.32, 0.24, 0.16, 0.08, 0, 1.12, 1.04, 0.96, 0.88, 0.8, 0.72, 0.64, 0.56, 0.48, 0.4, 0.32, 0.24, 0.16, 0.08, 0, 1.12, 1.04, 0.96, 0.88, 0.8, 0.72, 0.64, 0.56, 0.48, 0.4, 0.32, 0.24, 0.16, 0.08, 0], "ImagingFrequency": 123.238, "EchoTrainLength": 100, "BaseResolution": 100, "ImageOrientationText": "Tra>Sag(1.1)>Cor(-0.6)", "PixelBandwidth": 2275, "ScanOptions": "FS\\EXT", "PhaseResolution": 1, "SoftwareVersions": "syngo MR E11", "StationName": "AWP66072", "Modality": "MR", "InstitutionalDepartmentName": "Department", "PatientPosition": "HFS"}