{"InPlanePhaseEncodingDirectionDICOM": "COL", "ConsistencyInfo": "N4_VE11C_LATEST_20160120", "ImageComments": "SENSE1", "ProcedureStepDescription": "Projets^DeepMReye", "DeviceSerialNumber": "66072", "AcquisitionMatrixPE": 100, "ImageOrientationPatientDICOM": [0.999221, 0.028791, -0.0269772, -0.0326238, 0.987449, -0.15453], "EffectiveEchoSpacing": 0.000529998, "CoilCombinationMethod": "Sum of Squares", "WipMemBlock": "635b949a-4c1a-4f4e-95aa-d1f6b227a36f||Sequence: R017 ve11c/master r/75a17815+; Jun 28 2022 16:51:39 by eja", "ManufacturersModelName": "Prisma", "Units": "Hz", "ProtocolName": "Fieldmap_topup_AP", "PhaseEncodingDirection": "j-", "BandwidthPerPixelPhaseEncode": 18.868, "TotalReadoutTime": 0.0524698, "RepetitionTime": 7.06, "EchoTrainLength": 100, "SeriesNumber": 8, "PhaseEncodingSteps": 100, "MRAcquisitionType": "2D", "SliceThickness": 2, "AcquisitionNumber": 1, "DwellTime": 2.2e-06, "TxRefAmp": 235.297, "BodyPartExamined": "HEAD", "IntendedFor": ["ses-02/func/sub-03_ses-02_task-DeepMReyeCalib_run-01_bold.nii.gz", "ses-02/func/sub-03_ses-02_task-DeepMReyeCalib_run-02_bold.nii.gz", "ses-02/func/sub-03_ses-02_task-DeepMReyeCalib_run-03_bold.nii.gz", "ses-02/func/sub-03_ses-02_task-DeepMReyeClosed_run-01_bold.nii.gz", "ses-02/func/sub-03_ses-02_task-DeepMReyeClosed_run-02_bold.nii.gz", "ses-02/func/sub-03_ses-02_task-DeepMReyeClosed_run-03_bold.nii.gz"], "ReceiveCoilActiveElements": "HC1-6", "DerivedVendorReportedEchoSpacing": 0.000529998, "SAR": 0.170164, "PulseSequenceDetails": "%CustomerSeq%\\cmrr_mbep2d_se", "ScanningSequence": "EP", "Manufacturer": "Siemens", "MatrixCoilMode": "SENSE", "PercentPhaseFOV": 100, "ReconMatrixPE": 100, "FlipAngle": 90, "SeriesDescription": "Fieldmap_topup_AP", "PartialFourier": 1, "ConversionSoftwareVersion": "v1.0.20211006", "ShimSetting": [-552, -10713, -734, 344, 172, 211, 13, 18], "AcquisitionTime": "10:12:23.797500", "SequenceName": "epse2d1_100", "ConversionSoftware": "dcm2niix", "MagneticFieldStrength": 3, "PercentSampling": 100, "SpacingBetweenSlices": 2, "ImageType": ["ORIGINAL", "PRIMARY", "M", "ND", "NORM", "MOSAIC"], "ReceiveCoilName": "HeadNeck_64", "EchoTime": 0.059, "SequenceVariant": "SK", "SliceTiming": [3.52, 0, 3.6375, 0.1175, 3.7525, 0.235, 3.87, 0.35, 3.9875, 0.4675, 4.105, 0.585, 4.2225, 0.7025, 4.34, 0.82, 4.4575, 0.9375, 4.575, 1.055, 4.6925, 1.1725, 4.81, 1.29, 4.9275, 1.4075, 5.045, 1.525, 5.1625, 1.6425, 5.28, 1.76, 5.3975, 1.8775, 5.5125, 1.995, 5.63, 2.11, 5.7475, 2.2275, 5.865, 2.345, 5.9825, 2.4625, 6.1, 2.58, 6.2175, 2.6975, 6.335, 2.815, 6.4525, 2.9325, 6.57, 3.05, 6.6875, 3.1675, 6.805, 3.285, 6.9225, 3.4025], "ImagingFrequency": 123.238, "ImageOrientationText": "Tra>Cor(-8.9)>Sag(-1.3)", "BaseResolution": 100, "PixelBandwidth": 2275, "ScanOptions": "FS", "PhaseResolution": 1, "SoftwareVersions": "syngo MR E11", "StationName": "AWP66072", "Modality": "MR", "InstitutionalDepartmentName": "Department", "PatientPosition": "HFS","IntendedFor": ["ses-02/func/sub-03_ses-02_task-DeepMReyeCalib_run-01_bold.nii.gz","ses-02/func/sub-03_ses-02_task-DeepMReyeCalib_run-02_bold.nii.gz","ses-02/func/sub-03_ses-02_task-DeepMReyeCalib_run-03_bold.nii.gz","ses-02/func/sub-03_ses-02_task-DeepMReyeClosed_run-01_bold.nii.gz","ses-02/func/sub-03_ses-02_task-DeepMReyeClosed_run-02_bold.nii.gz","ses-02/func/sub-03_ses-02_task-DeepMReyeClosed_run-03_bold.nii.gz"]}