{"InPlanePhaseEncodingDirectionDICOM": "COL", "ConsistencyInfo": "N4_VE11C_LATEST_20160120", "ImageComments": "SENSE1", "ProcedureStepDescription": "Projets^DeepMReye", "DeviceSerialNumber": "66072", "AcquisitionMatrixPE": 100, "ImageOrientationPatientDICOM": [0.994976, 0.0515238, 0.0858404, -0.0335282, 0.97938, -0.199225], "EffectiveEchoSpacing": 0.000529998, "CoilCombinationMethod": "Sum of Squares", "WipMemBlock": "b749d190-33b2-4548-aaa5-42fee46d6d4a||Sequence: R017 ve11c/master r/75a17815+; Jun 28 2022 16:51:39 by eja", "ManufacturersModelName": "Prisma", "Units": "Hz", "ProtocolName": "Fieldmap_topup_AP", "PhaseEncodingDirection": "j-", "BandwidthPerPixelPhaseEncode": 18.868, "TotalReadoutTime": 0.0524698, "RepetitionTime": 7.06, "EchoTrainLength": 100, "SeriesNumber": 8, "PhaseEncodingSteps": 100, "MRAcquisitionType": "2D", "SliceThickness": 2, "AcquisitionNumber": 1, "DwellTime": 2.2e-06, "TxRefAmp": 240.385, "BodyPartExamined": "HEAD", "IntendedFor": ["ses-02/func/sub-08_ses-02_task-DeepMReyeCalib_run-01_bold.nii.gz", "ses-02/func/sub-08_ses-02_task-DeepMReyeCalib_run-02_bold.nii.gz", "ses-02/func/sub-08_ses-02_task-DeepMReyeCalib_run-03_bold.nii.gz", "ses-02/func/sub-08_ses-02_task-DeepMReyeClosed_run-01_bold.nii.gz", "ses-02/func/sub-08_ses-02_task-DeepMReyeClosed_run-02_bold.nii.gz", "ses-02/func/sub-08_ses-02_task-DeepMReyeClosed_run-03_bold.nii.gz"], "ReceiveCoilActiveElements": "HC1-6", "DerivedVendorReportedEchoSpacing": 0.000529998, "SAR": 0.196839, "PulseSequenceDetails": "%CustomerSeq%\\cmrr_mbep2d_se", "ScanningSequence": "EP", "Manufacturer": "Siemens", "MatrixCoilMode": "SENSE", "PercentPhaseFOV": 100, "ReconMatrixPE": 100, "FlipAngle": 90, "SeriesDescription": "Fieldmap_topup_AP", "PartialFourier": 1, "ConversionSoftwareVersion": "v1.0.20211006", "ShimSetting": [-535, -10732, -716, 414, 76, 56, -71, 31], "AcquisitionTime": "11:33:49.057500", "SequenceName": "epse2d1_100", "ConversionSoftware": "dcm2niix", "MagneticFieldStrength": 3, "PercentSampling": 100, "SpacingBetweenSlices": 2, "ImageType": ["ORIGINAL", "PRIMARY", "M", "ND", "NORM", "MOSAIC"], "ReceiveCoilName": "HeadNeck_64", "EchoTime": 0.059, "SequenceVariant": "SK", "SliceTiming": [3.52, 0, 3.6375, 0.1175, 3.755, 0.235, 3.8725, 0.3525, 3.99, 0.47, 4.1075, 0.5875, 4.225, 0.705, 4.3425, 0.8225, 4.46, 0.94, 4.5775, 1.0575, 4.695, 1.175, 4.8125, 1.2925, 4.93, 1.41, 5.0475, 1.5275, 5.1625, 1.645, 5.28, 1.76, 5.3975, 1.8775, 5.515, 1.995, 5.6325, 2.1125, 5.75, 2.23, 5.8675, 2.3475, 5.985, 2.465, 6.1025, 2.5825, 6.22, 2.7, 6.3375, 2.8175, 6.455, 2.935, 6.5725, 3.0525, 6.69, 3.17, 6.8075, 3.2875, 6.9225, 3.4025], "ImagingFrequency": 123.238, "ImageOrientationText": "Tra>Cor(-11.3)>Sag(5.4)", "BaseResolution": 100, "PixelBandwidth": 2275, "ScanOptions": "FS", "PhaseResolution": 1, "SoftwareVersions": "syngo MR E11", "StationName": "AWP66072", "Modality": "MR", "InstitutionalDepartmentName": "Department", "PatientPosition": "HFS","IntendedFor": ["ses-02/func/sub-08_ses-02_task-DeepMReyeCalib_run-01_bold.nii.gz","ses-02/func/sub-08_ses-02_task-DeepMReyeCalib_run-02_bold.nii.gz","ses-02/func/sub-08_ses-02_task-DeepMReyeCalib_run-03_bold.nii.gz","ses-02/func/sub-08_ses-02_task-DeepMReyeClosed_run-01_bold.nii.gz","ses-02/func/sub-08_ses-02_task-DeepMReyeClosed_run-02_bold.nii.gz","ses-02/func/sub-08_ses-02_task-DeepMReyeClosed_run-03_bold.nii.gz"]}