{"InPlanePhaseEncodingDirectionDICOM": "COL", "ConsistencyInfo": "N4_VE11C_LATEST_20160120", "ImageComments": "Unaliased MB4/PE3/LB SENSE1", "ProcedureStepDescription": "Projets^DeepMReye", "DeviceSerialNumber": "66072", "AcquisitionMatrixPE": 100, "ImageOrientationPatientDICOM": [0.999848, 0.0054941, 0.0165302, -0.00366462, 0.994064, -0.108735], "EffectiveEchoSpacing": 0.000569995, "CoilCombinationMethod": "Sum of Squares", "WipMemBlock": "f07259ae-0c41-40fc-b393-205f583f45a2||Sequence: R017 ve11c/master r/75a17815+; Jun 28 2022 16:32:11 by eja", "ManufacturersModelName": "Prisma", "ProtocolName": "task-DeepMReyeClosed_run1_bold", "PhaseEncodingDirection": "j-", "BandwidthPerPixelPhaseEncode": 17.544, "TotalReadoutTime": 0.0564295, "RepetitionTime": 1.2, "MultibandAccelerationFactor": 4, "SeriesNumber": 24, "PhaseEncodingSteps": 100, "MRAcquisitionType": "2D", "SliceThickness": 2, "AcquisitionNumber": 1, "DwellTime": 2.2e-06, "TxRefAmp": 265.703, "BodyPartExamined": "HEAD", "ReceiveCoilActiveElements": "HC1-6", "DerivedVendorReportedEchoSpacing": 0.000569995, "SAR": 0.0864758, "PulseSequenceDetails": "%CustomerSeq%\\cmrr_mbep2d_bold", "ScanningSequence": "EP", "Manufacturer": "Siemens", "MatrixCoilMode": "SENSE", "PercentPhaseFOV": 100, "ReconMatrixPE": 100, "FlipAngle": 56, "SeriesDescription": "task-DeepMReyeClosed_run1_bold", "PartialFourier": 1, "ConversionSoftwareVersion": "v1.0.20211006", "ShimSetting": [-563, -10779, -670, 413, 58, -97, 28, 32], "AcquisitionTime": "10:04:15.297500", "SequenceName": "epfid2d1_100", "ConversionSoftware": "dcm2niix", "MagneticFieldStrength": 3, "TaskName": "DeepMReyeClosed", "PercentSampling": 100, "SpacingBetweenSlices": 2, "ImageType": ["ORIGINAL", "PRIMARY", "M", "MB", "ND", "MOSAIC"], "ReceiveCoilName": "HeadNeck_64", "EchoTime": 0.0346, "SequenceVariant": "SK\\SS", "SliceTiming": [1.12, 1.04, 0.96, 0.88, 0.8, 0.72, 0.64, 0.56, 0.48, 0.4, 0.32, 0.24, 0.16, 0.08, 0, 1.12, 1.04, 0.96, 0.88, 0.8, 0.72, 0.64, 0.56, 0.48, 0.4, 0.32, 0.24, 0.16, 0.08, 0, 1.12, 1.04, 0.96, 0.88, 0.8, 0.72, 0.64, 0.56, 0.48, 0.4, 0.32, 0.24, 0.16, 0.08, 0, 1.12, 1.04, 0.96, 0.88, 0.8, 0.72, 0.64, 0.56, 0.48, 0.4, 0.32, 0.24, 0.16, 0.08, 0], "ImagingFrequency": 123.238, "EchoTrainLength": 100, "BaseResolution": 100, "ImageOrientationText": "Tra>Cor(-6.2)>Sag(1.0)", "PixelBandwidth": 2275, "ScanOptions": "FS\\EXT", "PhaseResolution": 1, "SoftwareVersions": "syngo MR E11", "StationName": "AWP66072", "Modality": "MR", "InstitutionalDepartmentName": "Department", "PatientPosition": "HFS"}