{
	"Modality": "MR",
	"MagneticFieldStrength": 3,
	"ImagingFrequency": 123.238,
	"Manufacturer": "Siemens",
	"ManufacturersModelName": "MAGNETOM Prisma",
	"DeviceSerialNumber": "66072",
	"StationName": "AWP66072",
	"BodyPartExamined": "HEAD",
	"PatientPosition": "HFS",
	"ProcedureStepDescription": "Projets DeepMReye",
	"SoftwareVersions": "syngo MR XA60",
	"MRAcquisitionType": "3D",
	"SeriesDescription": "T2w",
	"ProtocolName": "T2w",
	"SequenceVariant": "SK\\SP",
	"ImageType": ["ORIGINAL", "PRIMARY", "M", "NONE"],
	"SeriesNumber": 5,
	"AcquisitionTime": "09:35:15.505000",
	"AcquisitionNumber": 1,
	"SliceThickness": 1,
	"EchoTime": 0.408,
	"RepetitionTime": 3.2,
	"MTState": false,
	"SpoilingState": true,
	"FlipAngle": 120,
	"ReceiveCoilActiveElements": "HC1-7;NC1,2",
	"CoilString": "HeadNeck_64",
	"PercentPhaseFOV": 100,
	"PercentSampling": 100,
	"EchoTrainLength": 240,
	"PartialFourierDirection": "PHASE",
	"AcquisitionMatrixPE": 256,
	"ReconMatrixPE": 256,
	"ParallelReductionFactorInPlane": 4,
	"ParallelAcquisitionTechnique": "CAIPIRINHA",
	"PixelBandwidth": 723,
	"PhaseEncodingDirection": "i",
	"ImageOrientationPatientDICOM": [
		-0.078194,
		0.950038,
		0.302181,
		0.0121526,
		0.303995,
		-0.952596	],
	"InPlanePhaseEncodingDirectionDICOM": "ROW",
	"ConversionSoftware": "dcm2niix",
	"ConversionSoftwareVersion": "v1.0.20211006"
}
