{"InPlanePhaseEncodingDirectionDICOM": "COL", "ImageComments": "Not for diagnostic use, SENSE1", "ProcedureStepDescription": "Projets DeepMReye", "DeviceSerialNumber": "66072", "AcquisitionMatrixPE": 100, "ImageOrientationPatientDICOM": [0.999108, 0.0228499, 0.035505, -0.0219751, 0.99945, -0.0248384], "EffectiveEchoSpacing": 0.000529998, "TotalReadoutTime": 0.0524698, "ManufacturersModelName": "MAGNETOM Prisma", "MTState": false, "ProtocolName": "Fieldmap_topup_AP", "BandwidthPerPixelPhaseEncode": 18.868, "RepetitionTime": 7.06, "EchoTrainLength": 100, "SeriesNumber": 8, "B0FieldIdentifier": "B0map0", "MRAcquisitionType": "2D", "CoilString": "HeadNeck_64", "SliceThickness": 2, "AcquisitionNumber": 1, "BodyPartExamined": "BRAIN", "IntendedFor": ["ses-02/func/sub-16_ses-02_task-DeepMReyeClosed_run-03_bold.nii.gz", "ses-02/func/sub-16_ses-02_task-DeepMReyeClosed_run-02_bold.nii.gz", "ses-02/func/sub-16_ses-02_task-DeepMReyeClosed_run-01_bold.nii.gz", "ses-02/func/sub-16_ses-02_task-DeepMReyeCalib_run-03_bold.nii.gz", "ses-02/func/sub-16_ses-02_task-DeepMReyeCalib_run-02_bold.nii.gz", "ses-02/func/sub-16_ses-02_task-DeepMReyeCalib_run-01_bold.nii.gz"], "ReceiveCoilActiveElements": "HC1-6", "DerivedVendorReportedEchoSpacing": 0.000529998, "PixelBandwidth": 2273, "Manufacturer": "Siemens", "ConversionSoftware": "dcm2niix", "PercentPhaseFOV": 100, "ReconMatrixPE": 100, "FlipAngle": 90, "SeriesDescription": "Fieldmap_topup_AP", "ConversionSoftwareVersion": "v1.0.20211006", "AcquisitionTime": "09:49:45.610000", "MagneticFieldStrength": 3, "PercentSampling": 100, "SpacingBetweenSlices": 2, "ImageType": ["ORIGINAL", "PRIMARY", "FMRI", "NONE"], "EchoTime": 0.059, "SequenceVariant": "SK", "SliceTiming": [3.52, 0, 3.6375, 0.1175, 3.755, 0.235, 3.8725, 0.3525, 3.99, 0.47, 4.1075, 0.5875, 4.225, 0.705, 4.3425, 0.8225, 4.46, 0.94, 4.5775, 1.0575, 4.695, 1.175, 4.8125, 1.2925, 4.93, 1.41, 5.0475, 1.5275, 5.1625, 1.6425, 5.28, 1.76, 5.3975, 1.8775, 5.515, 1.995, 5.6325, 2.1125, 5.75, 2.23, 5.8675, 2.3475, 5.985, 2.465, 6.1025, 2.5825, 6.22, 2.7, 6.3375, 2.8175, 6.455, 2.935, 6.5725, 3.0525, 6.69, 3.17, 6.805, 3.2875, 6.9225, 3.4025], "ImagingFrequency": 123.238, "PhaseEncodingDirection": "j-", "SoftwareVersions": "syngo MR XA60", "StationName": "AWP66072", "Modality": "MR", "PatientPosition": "HFS","IntendedFor": ["ses-02/func/sub-16_ses-02_task-DeepMReyeCalib_run-01_bold.nii.gz","ses-02/func/sub-16_ses-02_task-DeepMReyeCalib_run-02_bold.nii.gz","ses-02/func/sub-16_ses-02_task-DeepMReyeCalib_run-03_bold.nii.gz","ses-02/func/sub-16_ses-02_task-DeepMReyeClosed_run-01_bold.nii.gz","ses-02/func/sub-16_ses-02_task-DeepMReyeClosed_run-02_bold.nii.gz","ses-02/func/sub-16_ses-02_task-DeepMReyeClosed_run-03_bold.nii.gz"]}