{"InPlanePhaseEncodingDirectionDICOM": "COL", "ConsistencyInfo": "N4_VE11C_LATEST_20160120", "ImageComments": "SENSE1", "ProcedureStepDescription": "Projets^DeepMReye", "DeviceSerialNumber": "66072", "AcquisitionMatrixPE": 100, "ImageOrientationPatientDICOM": [0.997176, 0.0071941, 0.0747602, 0.000870193, 0.994228, -0.107281], "EffectiveEchoSpacing": 0.000529998, "CoilCombinationMethod": "Sum of Squares", "WipMemBlock": "088bf70a-9d9e-4b0f-958f-1b7645d9eff5||Sequence: R017 ve11c/master r/75a17815+; Jun 28 2022 16:51:39 by eja", "ManufacturersModelName": "Prisma", "Units": "Hz", "ProtocolName": "Fieldmap_topup_AP", "PhaseEncodingDirection": "j-", "BandwidthPerPixelPhaseEncode": 18.868, "TotalReadoutTime": 0.0524698, "RepetitionTime": 7.06, "EchoTrainLength": 100, "SeriesNumber": 8, "PhaseEncodingSteps": 100, "MRAcquisitionType": "2D", "SliceThickness": 2, "AcquisitionNumber": 1, "DwellTime": 2.2e-06, "TxRefAmp": 284.735, "BodyPartExamined": "HEAD", "IntendedFor": ["ses-02/func/sub-11_ses-02_task-DeepMReyeCalib_run-01_bold.nii.gz", "ses-02/func/sub-11_ses-02_task-DeepMReyeCalib_run-02_bold.nii.gz", "ses-02/func/sub-11_ses-02_task-DeepMReyeCalib_run-03_bold.nii.gz", "ses-02/func/sub-11_ses-02_task-DeepMReyeClosed_run-01_bold.nii.gz", "ses-02/func/sub-11_ses-02_task-DeepMReyeClosed_run-02_bold.nii.gz", "ses-02/func/sub-11_ses-02_task-DeepMReyeClosed_run-03_bold.nii.gz"], "ReceiveCoilActiveElements": "HC1-6", "DerivedVendorReportedEchoSpacing": 0.000529998, "SAR": 0.203881, "PulseSequenceDetails": "%CustomerSeq%\\cmrr_mbep2d_se", "ScanningSequence": "EP", "Manufacturer": "Siemens", "MatrixCoilMode": "SENSE", "PercentPhaseFOV": 100, "ReconMatrixPE": 100, "FlipAngle": 90, "SeriesDescription": "Fieldmap_topup_AP", "PartialFourier": 1, "ConversionSoftwareVersion": "v1.0.20211006", "ShimSetting": [-541, -10793, -664, 302, 105, -231, -93, 32], "AcquisitionTime": "09:43:29.802500", "SequenceName": "epse2d1_100", "ConversionSoftware": "dcm2niix", "MagneticFieldStrength": 3, "PercentSampling": 100, "SpacingBetweenSlices": 2, "ImageType": ["ORIGINAL", "PRIMARY", "M", "ND", "NORM", "MOSAIC"], "ReceiveCoilName": "HeadNeck_64", "EchoTime": 0.059, "SequenceVariant": "SK", "SliceTiming": [3.52, 0, 3.6375, 0.1175, 3.755, 0.235, 3.8725, 0.3525, 3.99, 0.47, 4.1075, 0.5875, 4.225, 0.705, 4.3425, 0.8225, 4.4575, 0.9375, 4.575, 1.055, 4.6925, 1.1725, 4.81, 1.29, 4.9275, 1.4075, 5.045, 1.525, 5.1625, 1.6425, 5.28, 1.76, 5.3975, 1.8775, 5.515, 1.995, 5.6325, 2.1125, 5.75, 2.23, 5.8675, 2.3475, 5.985, 2.465, 6.1, 2.5825, 6.2175, 2.6975, 6.335, 2.815, 6.4525, 2.9325, 6.57, 3.05, 6.6875, 3.1675, 6.805, 3.285, 6.9225, 3.4025], "ImagingFrequency": 123.238, "ImageOrientationText": "Tra>Cor(-6.2)>Sag(4.3)", "BaseResolution": 100, "PixelBandwidth": 2275, "ScanOptions": "FS", "PhaseResolution": 1, "SoftwareVersions": "syngo MR E11", "StationName": "AWP66072", "Modality": "MR", "InstitutionalDepartmentName": "Department", "PatientPosition": "HFS","IntendedFor": ["ses-02/func/sub-11_ses-02_task-DeepMReyeCalib_run-01_bold.nii.gz","ses-02/func/sub-11_ses-02_task-DeepMReyeCalib_run-02_bold.nii.gz","ses-02/func/sub-11_ses-02_task-DeepMReyeCalib_run-03_bold.nii.gz","ses-02/func/sub-11_ses-02_task-DeepMReyeClosed_run-01_bold.nii.gz","ses-02/func/sub-11_ses-02_task-DeepMReyeClosed_run-02_bold.nii.gz","ses-02/func/sub-11_ses-02_task-DeepMReyeClosed_run-03_bold.nii.gz"]}