{"InPlanePhaseEncodingDirectionDICOM": "COL", "ConsistencyInfo": "N4_VE11C_LATEST_20160120", "ImageComments": "SENSE1", "ProcedureStepDescription": "Projets^DeepMReye", "DeviceSerialNumber": "66072", "AcquisitionMatrixPE": 100, "ImageOrientationPatientDICOM": [0.999759, 0.011015, 0.0189894, -0.0108188, 0.999887, -0.0104022], "EffectiveEchoSpacing": 0.000529998, "CoilCombinationMethod": "Sum of Squares", "WipMemBlock": "a19941c0-6817-4b67-8395-d51e4f5a622f||Sequence: R017 ve11c/master r/75a17815+; Jun 28 2022 16:51:39 by eja", "ManufacturersModelName": "Prisma", "Units": "Hz", "ProtocolName": "Fieldmap_topup_AP", "PhaseEncodingDirection": "j-", "BandwidthPerPixelPhaseEncode": 18.868, "TotalReadoutTime": 0.0524698, "RepetitionTime": 7.06, "EchoTrainLength": 100, "SeriesNumber": 8, "PhaseEncodingSteps": 100, "MRAcquisitionType": "2D", "SliceThickness": 2, "AcquisitionNumber": 1, "DwellTime": 2.2e-06, "TxRefAmp": 245.917, "BodyPartExamined": "HEAD", "IntendedFor": ["ses-01/func/sub-06_ses-01_task-DeepMReyeCalib_run-01_bold.nii.gz", "ses-01/func/sub-06_ses-01_task-DeepMReyeCalib_run-02_bold.nii.gz", "ses-01/func/sub-06_ses-01_task-DeepMReyeCalib_run-03_bold.nii.gz", "ses-01/func/sub-06_ses-01_task-DeepMReyeClosed_run-01_bold.nii.gz", "ses-01/func/sub-06_ses-01_task-DeepMReyeClosed_run-02_bold.nii.gz", "ses-01/func/sub-06_ses-01_task-DeepMReyeClosed_run-03_bold.nii.gz"], "ReceiveCoilActiveElements": "HC1-6", "DerivedVendorReportedEchoSpacing": 0.000529998, "SAR": 0.162633, "PulseSequenceDetails": "%CustomerSeq%\\cmrr_mbep2d_se", "ScanningSequence": "EP", "Manufacturer": "Siemens", "MatrixCoilMode": "SENSE", "PercentPhaseFOV": 100, "ReconMatrixPE": 100, "FlipAngle": 90, "SeriesDescription": "Fieldmap_topup_AP", "PartialFourier": 1, "ConversionSoftwareVersion": "v1.0.20211006", "ShimSetting": [-569, -10789, -638, 488, 86, 22, -15, 18], "AcquisitionTime": "09:39:46.807500", "SequenceName": "epse2d1_100", "ConversionSoftware": "dcm2niix", "MagneticFieldStrength": 3, "PercentSampling": 100, "SpacingBetweenSlices": 2, "ImageType": ["ORIGINAL", "PRIMARY", "M", "ND", "NORM", "MOSAIC"], "ReceiveCoilName": "HeadNeck_64", "EchoTime": 0.059, "SequenceVariant": "SK", "SliceTiming": [3.52, 0, 3.6375, 0.1175, 3.755, 0.235, 3.8725, 0.3525, 3.99, 0.47, 4.1075, 0.5875, 4.225, 0.705, 4.3425, 0.8225, 4.46, 0.94, 4.5775, 1.0575, 4.695, 1.175, 4.8125, 1.2925, 4.9275, 1.41, 5.045, 1.525, 5.1625, 1.6425, 5.28, 1.76, 5.3975, 1.8775, 5.515, 1.995, 5.6325, 2.1125, 5.75, 2.23, 5.8675, 2.3475, 5.985, 2.465, 6.1025, 2.5825, 6.22, 2.7, 6.3375, 2.8175, 6.455, 2.935, 6.5725, 3.0525, 6.6875, 3.17, 6.805, 3.285, 6.9225, 3.4025], "ImagingFrequency": 123.238, "ImageOrientationText": "Tra>Sag(1.1)>Cor(-0.6)", "BaseResolution": 100, "PixelBandwidth": 2275, "ScanOptions": "FS", "PhaseResolution": 1, "SoftwareVersions": "syngo MR E11", "StationName": "AWP66072", "Modality": "MR", "InstitutionalDepartmentName": "Department", "PatientPosition": "HFS","IntendedFor": ["ses-02/func/sub-06_ses-02_task-DeepMReyeCalib_run-01_bold.nii.gz","ses-02/func/sub-06_ses-02_task-DeepMReyeCalib_run-02_bold.nii.gz","ses-02/func/sub-06_ses-02_task-DeepMReyeCalib_run-03_bold.nii.gz","ses-02/func/sub-06_ses-02_task-DeepMReyeClosed_run-01_bold.nii.gz","ses-02/func/sub-06_ses-02_task-DeepMReyeClosed_run-02_bold.nii.gz","ses-02/func/sub-06_ses-02_task-DeepMReyeClosed_run-03_bold.nii.gz"]}